GEM
  remote: https://rubygems.org/
  specs:
    json (2.3.0)
    multi_json (1.14.1)
    mustermann (2.0.2)
      ruby2_keywords (~> 0.0.1)
    nio4r (2.5.2)
    pg (1.2.2)
    puma (4.3.1)
      nio4r (~> 2.0)
    rack (2.2.4)
    rack-protection (2.2.3)
      rack
    ruby2_keywords (0.0.5)
    sequel (5.29.0)
    sinatra (2.2.3)
      mustermann (~> 2.0)
      rack (~> 2.2)
      rack-protection (= 2.2.3)
      tilt (~> 2.0)
    sinatra-contrib (2.2.3)
      multi_json
      mustermann (~> 2.0)
      rack-protection (= 2.2.3)
      sinatra (= 2.2.3)
      tilt (~> 2.0)
    sinatra-reloader (1.0)
      sinatra-contrib
    sqlite3 (1.4.2)
    tilt (2.0.11)

PLATFORMS
  ruby

DEPENDENCIES
  json
  pg
  puma
  sequel
  sinatra
  sinatra-reloader
  sqlite3

RUBY VERSION
   ruby 2.6.5p114

BUNDLED WITH
   2.1.4
