GEM
  remote: http://rubygems.org/
  specs:
    backports (1.18.2)
    json (1.4.3)
    json (1.4.3-x86-mswin32)
    monkey-lib (0.5.4)
      backports
    rack (1.2.1)
    sequel (3.16.0)
    sinatra (1.1.0)
      rack (~> 1.1)
      tilt (~> 1.1)
    sinatra-advanced-routes (0.5.1)
      monkey-lib (~> 0.5.0)
      sinatra (~> 1.0)
      sinatra-sugar (~> 0.5.0)
    sinatra-reloader (0.5.0)
      sinatra (~> 1.0)
      sinatra-advanced-routes (~> 0.5.0)
    sinatra-sugar (0.5.0)
      monkey-lib (~> 0.5.0)
      sinatra (~> 1.0)
    sqlite3-ruby (1.3.2)
    sqlite3-ruby (1.3.2-x86-mswin32)
    tilt (1.1)

PLATFORMS
  ruby
  x86-mswin32

DEPENDENCIES
  json (= 1.4.3)
  sequel (= 3.16.0)
  sinatra (= 1.1.0)
  sinatra-reloader
  sqlite3-ruby
